GEM
  remote: http://rubygems.org/
  specs:
    cli (1.1.1)
    cuba (3.1.0)
      rack
    diff-lcs (1.2.4)
    facter (1.6.18)
    git (1.2.5)
    jeweler (1.8.4)
      bundler (~> 1.0)
      git (>= 1.2.5)
      rake
      rdoc
    json (1.7.7)
    kgio (2.8.0)
    rack (1.5.2)
    raindrops (0.11.0)
    rake (10.0.4)
    rdoc (3.12.2)
      json (~> 1.4)
    rspec (2.13.0)
      rspec-core (~> 2.13.0)
      rspec-expectations (~> 2.13.0)
      rspec-mocks (~> 2.13.0)
    rspec-core (2.13.1)
    rspec-expectations (2.13.0)
      diff-lcs (>= 1.1.3, < 2.0)
    rspec-mocks (2.13.1)
    ruby-ip (0.9.1)
    unicorn (4.6.2)
      kgio (~> 2.6)
      rack
      raindrops (~> 0.7)

PLATFORMS
  ruby

DEPENDENCIES
  cli (~> 1.1.0)
  cuba (~> 3.0)
  facter (~> 1.6.11)
  jeweler (~> 1.8.4)
  raindrops (~> 0.11)
  rdoc (~> 3.9)
  rspec (~> 2.13)
  ruby-ip (~> 0.9)
  unicorn (>= 4.6.2)
